GEM
  remote: https://rubygems.org/
  specs:
    parallel (1.12.1)

PLATFORMS
  ruby

DEPENDENCIES
  parallel

RUBY VERSION
   ruby 2.4.3p205

BUNDLED WITH
   1.16.1
